GEM
  remote: http://rubygems.org/
  specs:
    addressable (2.2.4)
    faraday (0.6.0)
      addressable (~> 2.2.4)
      multipart-post (~> 1.1.0)
      rack (< 2, >= 1.1.0)
    multi_json (0.0.5)
    multipart-post (1.1.0)
    newrelic_rpm (2.14.1)
    nokogiri (1.4.4)
    oa-core (0.2.1)
      rack (~> 1.1)
    oa-oauth (0.2.1)
      multi_json (~> 0.0.2)
      nokogiri (~> 1.4.2)
      oa-core (= 0.2.1)
      oauth (~> 0.4.0)
      oauth2 (~> 0.2.0)
    oauth (0.4.4)
    oauth2 (0.2.0)
      faraday (~> 0.6.0)
      multi_json (~> 0.0.4)
    rack (1.2.2)
    sinatra (1.2.2)
      rack (~> 1.1)
      tilt (< 2.0, >= 1.2.2)
    tilt (1.2.2)

PLATFORMS
  ruby

DEPENDENCIES
  newrelic_rpm (= 2.14.1)
  oa-oauth (= 0.2.1)
  sinatra (= 1.2.2)
